GEM
  remote: https://rubygems.org/
  specs:
    concurrent-ruby (1.3.3)
    em-websocket (0.5.3)
      eventmachine (>= 0.12.9)
      http_parser.rb (~> 0)
    eventmachine (1.2.7)
    http_parser.rb (0.8.0)

PLATFORMS
  ruby

DEPENDENCIES
  concurrent-ruby
  em-websocket
  eventmachine

BUNDLED WITH
   2.5.17
